GEM
  remote: https://rubygems.org/
  specs:
    actionmailer (2.3.5)
      actionpack (= 2.3.5)
    actionpack (2.3.5)
      activesupport (= 2.3.5)
      rack (~> 1.0.0)
    activerecord (2.3.5)
      activesupport (= 2.3.5)
    activeresource (2.3.5)
      activesupport (= 2.3.5)
    activesupport (2.3.5)
    authlogic (2.1.3)
      activesupport
    builder (3.0.4)
    bundler-unload (1.0.2)
    cgi_multipart_eof_fix (2.5.0)
    daemons (1.0.10)
    directory (0.0.1)
    executable-hooks (1.2.6)
    fastercsv (1.5.3)
    fastthread (1.0.1)
    gem_plugin (0.2.3)
    gems (0.7.1)
    hpricot (0.8.6)
    json_pure (1.8.1)
    linecache (0.46)
      rbx-require-relative (> 0.0.4)
    locale (2.0.8)
    mongrel (1.1.5)
      cgi_multipart_eof_fix (>= 2.4)
      daemons (>= 1.0.3)
      fastthread (>= 1.0.1)
      gem_plugin (>= 0.2.3)
    mysql (2.7)
    rack (1.0.1)
    rails (2.3.5)
      actionmailer (= 2.3.5)
      actionpack (= 2.3.5)
      activerecord (= 2.3.5)
      activeresource (= 2.3.5)
      activesupport (= 2.3.5)
      rake (>= 0.8.3)
    rake (0.8.7)
    rbx-require-relative (0.0.9)
    rubyforge (2.0.4)
      json_pure (>= 1.1.7)
    rubygems-bundler (1.1.0)
    rubygems-update (1.5.3)
    tzinfo (0.3.34)
    unicode (0.1)
    uuidtools (2.1.3)

PLATFORMS
  ruby

DEPENDENCIES
  actionmailer (= 2.3.5)
  actionpack (= 2.3.5)
  activerecord (= 2.3.5)
  activeresource (= 2.3.5)
  activesupport (= 2.3.5)
  authlogic (= 2.1.3)
  builder (= 3.0.4)
  bundler (= 1.3.5)
  bundler-unload (= 1.0.2)
  cgi_multipart_eof_fix (= 2.5.0)
  daemons (= 1.0.10)
  directory (= 0.0.1)
  executable-hooks (= 1.2.6)
  fastercsv (= 1.5.3)
  fastthread (= 1.0.1)
  gem_plugin (= 0.2.3)
  gems (= 0.7.1)
  hpricot (= 0.8.6)
  linecache (= 0.46)
  locale (= 2.0.8)
  mongrel (= 1.1.5)
  mysql (= 2.7)
  rack (= 1.0.1)
  rails (= 2.3.5)
  rake (= 0.8.7)
  rbx-require-relative (= 0.0.9)
  rubyforge (= 2.0.4)
  rubygems-bundler (= 1.1.0)
  rubygems-update (= 1.5.3)
  tzinfo (= 0.3.34)
  unicode (= 0.1)
  uuidtools (= 2.1.3)
